PATH
  remote: .
  specs:
    drs_core (0.0.1)
      rails (~> 3.2.13)

GEM
  remote: http://rubygems.org/
  specs:
    actionmailer (3.2.19)
      actionpack (= 3.2.19)
      mail (~> 2.5.4)
    actionpack (3.2.19)
      activemodel (= 3.2.19)
      activesupport (= 3.2.19)
      builder (~> 3.0.0)
      erubis (~> 2.7.0)
      journey (~> 1.0.4)
      rack (~> 1.4.5)
      rack-cache (~> 1.2)
      rack-test (~> 0.6.1)
      sprockets (~> 2.2.1)
    active-fedora (6.7.8)
      activesupport (>= 3.0.0)
      deprecation
      mediashelf-loggable
      nom-xml (>= 0.5.1)
      om (~> 3.0.0)
      rdf (~> 1.1.1.1)
      rdf-rdfxml (= 1.0.1)
      rsolr
      rubydora (~> 1.7.4)
    activemodel (3.2.19)
      activesupport (= 3.2.19)
      builder (~> 3.0.0)
    activerecord (3.2.19)
      activemodel (= 3.2.19)
      activesupport (= 3.2.19)
      arel (~> 3.0.2)
      tzinfo (~> 0.3.29)
    activeresource (3.2.19)
      activemodel (= 3.2.19)
      activesupport (= 3.2.19)
    activesupport (3.2.19)
      i18n (~> 0.6, >= 0.6.4)
      multi_json (~> 1.0)
    arel (3.0.3)
    blacklight (4.7.0)
      bootstrap-sass (>= 2.2.0, < 2.4)
      deprecation (~> 0.1)
      kaminari (~> 0.13)
      marc (>= 0.4.3, < 1.1)
      nokogiri (~> 1.6)
      rails (>= 3.2.6, < 5)
      rsolr (~> 1.0.6)
      sass-rails
    block_helpers (0.3.3)
      activesupport (>= 2.0)
    bootstrap-sass (2.3.2.2)
      sass (~> 3.2)
    builder (3.0.4)
    cancan (1.6.10)
    childprocess (0.5.3)
      ffi (~> 1.0, >= 1.0.11)
    daemons (1.1.9)
    deprecation (0.1.0)
      activesupport
    diff-lcs (1.2.5)
    ensure_valid_encoding (0.5.3)
    equivalent-xml (0.5.1)
      nokogiri (>= 1.4.3)
    erubis (2.7.0)
    fastercsv (1.5.5)
    ffi (1.9.3)
    hike (1.2.3)
    hooks (0.3.6)
      uber (~> 0.0.4)
    hydra-access-controls (6.3.3)
      active-fedora (~> 6.1)
      activesupport
      blacklight (~> 4.0)
      cancan
      deprecation
    hydra-core (6.3.3)
      active-fedora
      blacklight (~> 4.0)
      block_helpers
      deprecation (>= 0.0.5)
      hydra-access-controls (= 6.3.3)
      jettywrapper (>= 1.4.1)
      rails (>= 3.2.3, < 5)
    hydra-head (6.3.3)
      hydra-access-controls (= 6.3.3)
      hydra-core (= 6.3.3)
      rails (>= 3.2.6)
    i18n (0.6.11)
    jettywrapper (1.8.2)
      activesupport (>= 3.0.0)
      childprocess
      i18n
      logger
    journey (1.0.4)
    jquery-rails (3.1.1)
      railties (>= 3.0, < 5.0)
      thor (>= 0.14, < 2.0)
    json (1.8.1)
    kaminari (0.16.1)
      actionpack (>= 3.0.0)
      activesupport (>= 3.0.0)
    logger (1.2.8)
    mail (2.5.4)
      mime-types (~> 1.16)
      treetop (~> 1.4.8)
    marc (0.8.1)
      ensure_valid_encoding
      unf
    mediashelf-loggable (0.4.10)
    mime-types (1.25.1)
    mini_portile (0.6.0)
    multi_json (1.10.1)
    netrc (0.7.7)
    nokogiri (1.6.3.1)
      mini_portile (= 0.6.0)
    nom-xml (0.5.1)
      activesupport
      i18n
      nokogiri
    om (3.0.7)
      activemodel
      activesupport
      deprecation
      mediashelf-loggable
      nokogiri (>= 1.4.2)
      solrizer (~> 3.1.0)
    polyglot (0.3.5)
    rack (1.4.5)
    rack-cache (1.2)
      rack (>= 0.4)
    rack-ssl (1.3.4)
      rack
    rack-test (0.6.2)
      rack (>= 1.0)
    rails (3.2.19)
      actionmailer (= 3.2.19)
      actionpack (= 3.2.19)
      activerecord (= 3.2.19)
      activeresource (= 3.2.19)
      activesupport (= 3.2.19)
      bundler (~> 1.0)
      railties (= 3.2.19)
    railties (3.2.19)
      actionpack (= 3.2.19)
      activesupport (= 3.2.19)
      rack-ssl (~> 1.3.2)
      rake (>= 0.8.7)
      rdoc (~> 3.4)
      thor (>= 0.14.6, < 2.0)
    rake (10.3.2)
    rdf (1.1.1.1)
    rdf-rdfxml (1.0.1)
      rdf (>= 1.0)
      rdf-xsd (>= 1.0)
    rdf-xsd (1.1.1)
      rdf (~> 1.1)
    rdoc (3.12.2)
      json (~> 1.4)
    rest-client (1.7.2)
      mime-types (>= 1.16, < 3.0)
      netrc (~> 0.7)
    rsolr (1.0.10)
      builder (>= 2.1.2)
    rspec (3.0.0)
      rspec-core (~> 3.0.0)
      rspec-expectations (~> 3.0.0)
      rspec-mocks (~> 3.0.0)
    rspec-core (3.0.3)
      rspec-support (~> 3.0.0)
    rspec-expectations (3.0.3)
      diff-lcs (>= 1.2.0, < 2.0)
      rspec-support (~> 3.0.0)
    rspec-mocks (3.0.3)
      rspec-support (~> 3.0.0)
    rspec-support (3.0.3)
    rubydora (1.7.5)
      activemodel
      activesupport
      deprecation
      equivalent-xml
      fastercsv
      hooks (~> 0.3.0)
      mime-types
      nokogiri
      rest-client
    sass (3.3.10)
    sass-rails (3.2.6)
      railties (~> 3.2.0)
      sass (>= 3.1.10)
      tilt (~> 1.3)
    solrizer (3.1.1)
      activesupport
      daemons
      mediashelf-loggable (~> 0.4.7)
      nokogiri
      stomp
      xml-simple
    sprockets (2.2.2)
      hike (~> 1.2)
      multi_json (~> 1.0)
      rack (~> 1.0)
      tilt (~> 1.1, != 1.3.0)
    sqlite3 (1.3.9)
    stomp (1.3.2)
    thor (0.19.1)
    tilt (1.4.1)
    treetop (1.4.15)
      polyglot
      polyglot (>= 0.3.1)
    tzinfo (0.3.40)
    uber (0.0.7)
    unf (0.1.4)
      unf_ext
    unf_ext (0.0.6)
    xml-simple (1.1.4)

PLATFORMS
  ruby

DEPENDENCIES
  drs_core!
  hydra-head (= 6.3.3)
  jettywrapper
  jquery-rails
  rspec
  sqlite3
